GEM
  remote: https://rubygems.org/
  specs:
    chronic_duration (0.10.6)
      numerizer (~> 0.1.1)
    numerizer (0.1.1)
    spec (5.3.4)
      chronic_duration (~> 0.10.2)

PLATFORMS
  arm64-darwin-20

DEPENDENCIES
  spec

RUBY VERSION
   ruby 2.7.3p183

BUNDLED WITH
   2.2.25
